GEM
  remote: https://rubygems.org/
  specs:
    minitest-emoji (1.0.0)
    multi_json (1.5.0)
    rake (10.0.3)
    simplecov (0.7.1)
      multi_json (~> 1.0)
      simplecov-html (~> 0.7.1)
    simplecov-html (0.7.1)

PLATFORMS
  ruby

DEPENDENCIES
  minitest-emoji
  rake
  simplecov
